PATH
  remote: .
  specs:
    informer (0.0.3)
      colorize
      sorbet-runtime

GEM
  remote: https://rubygems.org/
  specs:
    byebug (11.1.1)
    colorize (0.8.1)
    diff-lcs (1.3)
    rake (10.5.0)
    rspec (3.9.0)
      rspec-core (~> 3.9.0)
      rspec-expectations (~> 3.9.0)
      rspec-mocks (~> 3.9.0)
    rspec-core (3.9.1)
      rspec-support (~> 3.9.1)
    rspec-expectations (3.9.0)
      diff-lcs (>= 1.2.0, < 2.0)
      rspec-support (~> 3.9.0)
    rspec-mocks (3.9.1)
      diff-lcs (>= 1.2.0, < 2.0)
      rspec-support (~> 3.9.0)
    rspec-support (3.9.2)
    sorbet (0.5.5371)
      sorbet-static (= 0.5.5371)
    sorbet-runtime (0.5.5371)
    sorbet-static (0.5.5371-universal-darwin-14)

PLATFORMS
  ruby

DEPENDENCIES
  bundler (~> 2.0)
  byebug
  informer!
  rake (~> 10.0)
  rspec (~> 3.0)
  sorbet

BUNDLED WITH
   2.0.2
